GIT
  remote: https://github.com/globalize/globalize.git
  revision: e946e63983d42c9ff49b39b13ffcc3ad45626dd3
  ref: e946e63983d42c9ff49b39b13ffcc3ad45626dd3
  specs:
    globalize (5.1.0)
      activemodel (>= 4.2, < 5.2)
      activerecord (>= 4.2, < 5.2)
      request_store (~> 1.0)

GEM
  remote: https://rubygems.org/
  specs:
    Ascii85 (1.0.3)
    actioncable (5.1.6)
      actionpack (= 5.1.6)
      nio4r (~> 2.0)
      websocket-driver (~> 0.6.1)
    actionmailer (5.1.6)
      actionpack (= 5.1.6)
      actionview (= 5.1.6)
      activejob (= 5.1.6)
      mail (~> 2.5, >= 2.5.4)
      rails-dom-testing (~> 2.0)
    actionpack (5.1.6)
      actionview (= 5.1.6)
      activesupport (= 5.1.6)
      rack (~> 2.0)
      rack-test (>= 0.6.3)
      rails-dom-testing (~> 2.0)
      rails-html-sanitizer (~> 1.0, >= 1.0.2)
    actionview (5.1.6)
      activesupport (= 5.1.6)
      builder (~> 3.1)
      erubi (~> 1.4)
      rails-dom-testing (~> 2.0)
      rails-html-sanitizer (~> 1.0, >= 1.0.3)
    activejob (5.1.6)
      activesupport (= 5.1.6)
      globalid (>= 0.3.6)
    activemodel (5.1.6)
      activesupport (= 5.1.6)
    activemodel-serializers-xml (1.0.2)
      activemodel (> 5.x)
      activesupport (> 5.x)
      builder (~> 3.1)
    activerecord (5.1.6)
      activemodel (= 5.1.6)
      activesupport (= 5.1.6)
      arel (~> 8.0)
    activesupport (5.1.6)
      concurrent-ruby (~> 1.0, >= 1.0.2)
      i18n (>= 0.7, < 2)
      minitest (~> 5.1)
      tzinfo (~> 1.1)
    addressable (2.5.2)
      public_suffix (>= 2.0.2, < 4.0)
    afm (0.2.2)
    archive-zip (0.11.0)
      io-like (~> 0.3.0)
    arel (8.0.0)
    asset_bom_removal-rails (1.0.2)
      rails (>= 4.2)
      sass (> 3.4)
    ast (2.4.0)
    autoprefixer-rails (8.3.0)
      execjs
    babosa (1.0.2)
    better_errors (2.5.0)
      coderay (>= 1.0.0)
      erubi (>= 1.0.0)
      rack (>= 0.9.0)
    binding_of_caller (0.8.0)
      debug_inspector (>= 0.0.1)
    bootsnap (1.3.2)
      msgpack (~> 1.0)
    bootstrap-kaminari-views (0.0.5)
      kaminari (>= 0.13)
      rails (>= 3.1)
    bootstrap-sass (3.3.5.1)
      autoprefixer-rails (>= 5.0.0.1)
      sass (>= 3.3.0)
    bourne (1.6.0)
      mocha (~> 1.1)
    builder (3.2.3)
    byebug (10.0.1)
    capybara (2.18.0)
      addressable
      mini_mime (>= 0.1.3)
      nokogiri (>= 1.3.3)
      rack (>= 1.0.0)
      rack-test (>= 0.5.4)
      xpath (>= 2.0, < 4.0)
    carrierwave (1.2.3)
      activemodel (>= 4.0.0)
      activesupport (>= 4.0.0)
      mime-types (>= 1.16)
    carrierwave-i18n (0.2.0)
    childprocess (0.9.0)
      ffi (~> 1.0, >= 1.0.11)
    chromedriver-helper (2.0.1)
      archive-zip (~> 0.10)
      nokogiri (~> 1.8)
    chronic (0.10.2)
    ci_reporter (2.0.0)
      builder (>= 2.1.2)
    ci_reporter_minitest (1.0.0)
      ci_reporter (~> 2.0)
      minitest (~> 5.0)
    coderay (1.1.2)
    coffee-rails (4.2.2)
      coffee-script (>= 2.2.0)
      railties (>= 4.0.0)
    coffee-script (2.4.1)
      coffee-script-source
      execjs
    coffee-script-source (1.12.2)
    commander (4.4.6)
      highline (~> 1.7.2)
    concurrent-ruby (1.0.5)
    connection_pool (2.2.2)
    crack (0.4.3)
      safe_yaml (~> 1.0.0)
    crass (1.0.4)
    cucumber (2.4.0)
      builder (>= 2.1.2)
      cucumber-core (~> 1.5.0)
      cucumber-wire (~> 0.0.1)
      diff-lcs (>= 1.1.3)
      gherkin (~> 4.0)
      multi_json (>= 1.7.5, < 2.0)
      multi_test (>= 0.1.2)
    cucumber-core (1.5.0)
      gherkin (~> 4.0)
    cucumber-rails (1.5.0)
      capybara (>= 1.1.2, < 3)
      cucumber (>= 1.3.8, < 4)
      mime-types (>= 1.17, < 4)
      nokogiri (~> 1.5)
      railties (>= 4, < 5.2)
    cucumber-wire (0.0.1)
    dalli (2.7.8)
    database_cleaner (1.7.0)
    debug_inspector (0.0.3)
    deprecated_columns (0.1.1)
      rails (>= 4.0)
    diff-lcs (1.3)
    docile (1.3.0)
    domain_name (0.5.20180417)
      unf (>= 0.0.5, < 1.0.0)
    equivalent-xml (0.6.0)
      nokogiri (>= 1.4.3)
    erubi (1.7.1)
    et-orbi (1.1.2)
      tzinfo
    ethon (0.11.0)
      ffi (>= 1.3.0)
    execjs (2.7.0)
    factory_bot (4.11.1)
      activesupport (>= 3.0.0)
    faraday (0.12.2)
      multipart-post (>= 1.2, < 3)
    ffi (1.9.25)
    friendly_id (5.2.4)
      activerecord (>= 4.0.0)
    fugit (1.1.1)
      et-orbi (~> 1.1, >= 1.1.1)
      raabro (~> 1.1)
    gds-api-adapters (53.0.0)
      addressable
      link_header
      null_logger
      plek (>= 1.9.0)
      rack-cache
      rest-client (~> 2.0)
    gds-sso (13.6.0)
      multi_json (~> 1.0)
      oauth2 (~> 1.0)
      omniauth (~> 1.2)
      omniauth-gds (~> 3.2)
      rails (>= 4.2.4)
      warden (~> 1.2)
      warden-oauth2 (~> 0.0.1)
    gherkin (4.1.3)
    globalid (0.4.1)
      activesupport (>= 4.2.0)
    govspeak (5.5.0)
      actionview (>= 4.1, < 6)
      addressable (>= 2.3.8, < 3)
      commander (~> 4.4)
      htmlentities (~> 4)
      i18n (~> 0.7)
      kramdown (~> 1.15.0)
      money (~> 6.7)
      nokogiri (~> 1.5)
      sanitize (~> 2.1.0)
    govuk-content-schema-test-helpers (1.6.1)
      json-schema (~> 2.8.0)
    govuk-lint (3.9.0)
      rubocop (~> 0.58)
      rubocop-rspec (~> 1.28)
      scss_lint
    govuk_ab_testing (2.4.1)
    govuk_admin_template (6.6.0)
      bootstrap-sass (= 3.3.5.1)
      jquery-rails (~> 4.3.1)
      plek (>= 2.1.0)
      rails (>= 3.2.0)
    govuk_app_config (1.8.0)
      logstasher (~> 1.2.2)
      sentry-raven (~> 2.7.1)
      statsd-ruby (~> 1.4.0)
      unicorn (~> 5.4.0)
    govuk_frontend_toolkit (7.6.0)
      railties (>= 3.1.0)
      sass (>= 3.2.0)
    govuk_publishing_components (9.25.0)
      govspeak (>= 5.0.3)
      govuk_app_config
      govuk_frontend_toolkit
      rails (>= 5.0.0.1)
      rake
      rouge
      sass-rails (>= 5.0.4)
      slimmer (>= 11.1.0)
    govuk_sidekiq (3.0.2)
      gds-api-adapters (>= 19.1.0)
      govuk_app_config (>= 1.1)
      redis-namespace (~> 1.6)
      sidekiq (>= 5, < 6)
      sidekiq-logging-json (~> 0.0)
      sidekiq-statsd (~> 0.1)
    govuk_test (0.2.1)
      capybara
      chromedriver-helper
      puma
      selenium-webdriver
    graphviz_transitions (0.1.2)
      ruby-graphviz
      transitions
    hashdiff (0.3.7)
    hashery (2.1.2)
    hashie (3.5.7)
    highline (1.7.10)
    htmlentities (4.3.4)
    http-cookie (1.0.3)
      domain_name (~> 0.5)
    i18n (0.9.5)
      concurrent-ruby (~> 1.0)
    invalid_utf8_rejector (0.0.4)
    io-like (0.3.0)
    isbn_validation (1.2.2)
      activerecord (>= 3)
    jaro_winkler (1.5.1)
    jbuilder (2.7.0)
      activesupport (>= 4.2.0)
      multi_json (>= 1.2)
    jquery-rails (4.3.1)
      rails-dom-testing (>= 1, < 3)
      railties (>= 4.2.0)
      thor (>= 0.14, < 2.0)
    jquery-ui-rails (4.2.1)
      railties (>= 3.2.16)
    json (2.1.0)
    json-schema (2.8.0)
      addressable (>= 2.4)
    jwt (1.5.6)
    kaminari (1.1.1)
      activesupport (>= 4.1.0)
      kaminari-actionview (= 1.1.1)
      kaminari-activerecord (= 1.1.1)
      kaminari-core (= 1.1.1)
    kaminari-actionview (1.1.1)
      actionview
      kaminari-core (= 1.1.1)
    kaminari-activerecord (1.1.1)
      activerecord
      kaminari-core (= 1.1.1)
    kaminari-core (1.1.1)
    kgio (2.11.2)
    kramdown (1.15.0)
    launchy (2.4.3)
      addressable (~> 2.3)
    link_header (0.0.8)
    logstash-event (1.2.02)
    logstasher (1.2.2)
      activesupport (>= 4.0)
      logstash-event (~> 1.2.0)
      request_store
    loofah (2.2.2)
      crass (~> 1.0.2)
      nokogiri (>= 1.5.9)
    mail (2.7.0)
      mini_mime (>= 0.1.1)
    maxitest (3.1.0)
      minitest (>= 5.0.0, < 5.12.0)
    mechanize (2.7.6)
      domain_name (~> 0.5, >= 0.5.1)
      http-cookie (~> 1.0)
      mime-types (>= 1.17.2)
      net-http-digest_auth (~> 1.1, >= 1.1.1)
      net-http-persistent (>= 2.5.2)
      nokogiri (~> 1.6)
      ntlm-http (~> 0.1, >= 0.1.1)
      webrobots (>= 0.0.9, < 0.2)
    metaclass (0.0.4)
    method_source (0.9.0)
    mime-types (3.2.2)
      mime-types-data (~> 3.2015)
    mime-types-data (3.2018.0812)
    mini_magick (4.8.0)
    mini_mime (1.0.1)
    mini_portile2 (2.3.0)
    minitest (5.10.3)
    minitest-fail-fast (0.1.0)
      minitest (~> 5)
    minitest-stub-const (0.6)
    mlanett-redis-lock (0.2.7)
      redis
    mocha (1.7.0)
      metaclass (~> 0.0.1)
    money (6.12.0)
      i18n (>= 0.6.4, < 1.1)
    msgpack (1.2.4)
    multi_json (1.13.1)
    multi_test (0.1.2)
    multi_xml (0.6.0)
    multipart-post (2.0.0)
    mustache (1.0.5)
    mysql2 (0.4.10)
    net-http-digest_auth (1.4.1)
    net-http-persistent (3.0.0)
      connection_pool (~> 2.2)
    netrc (0.11.0)
    nio4r (2.3.1)
    nokogiri (1.8.4)
      mini_portile2 (~> 2.3.0)
    ntlm-http (0.1.1)
    null_logger (0.0.1)
    oauth2 (1.4.0)
      faraday (>= 0.8, < 0.13)
      jwt (~> 1.0)
      multi_json (~> 1.3)
      multi_xml (~> 0.5)
      rack (>= 1.2, < 3)
    omniauth (1.8.1)
      hashie (>= 3.4.6, < 3.6.0)
      rack (>= 1.6.2, < 3)
    omniauth-gds (3.2.1)
      multi_json (~> 1.10)
      omniauth-oauth2 (= 1.3.1)
    omniauth-oauth2 (1.3.1)
      oauth2 (~> 1.0)
      omniauth (~> 1.2)
    parallel (1.12.1)
    parallel_tests (2.23.0)
      parallel
    parser (2.5.1.2)
      ast (~> 2.4.0)
    pdf-reader (2.1.0)
      Ascii85 (~> 1.0.0)
      afm (~> 0.2.1)
      hashery (~> 2.0)
      ruby-rc4
      ttfunk
    plek (2.1.1)
    powerpack (0.1.1)
    pry (0.11.3)
      coderay (~> 1.1.0)
      method_source (~> 0.9.0)
    pry-byebug (3.6.0)
      byebug (~> 10.0)
      pry (~> 0.10)
    pry-rails (0.3.6)
      pry (>= 0.10.4)
    ptools (1.3.5)
    public_suffix (3.0.3)
    puma (3.12.0)
    raabro (1.1.5)
    rack (2.0.5)
    rack-cache (1.8.0)
      rack (>= 0.4)
    rack-protection (2.0.3)
      rack
    rack-test (1.1.0)
      rack (>= 1.0, < 3)
    rack_strip_client_ip (0.0.2)
    rails (5.1.6)
      actioncable (= 5.1.6)
      actionmailer (= 5.1.6)
      actionpack (= 5.1.6)
      actionview (= 5.1.6)
      activejob (= 5.1.6)
      activemodel (= 5.1.6)
      activerecord (= 5.1.6)
      activesupport (= 5.1.6)
      bundler (>= 1.3.0)
      railties (= 5.1.6)
      sprockets-rails (>= 2.0.0)
    rails-controller-testing (1.0.2)
      actionpack (~> 5.x, >= 5.0.1)
      actionview (~> 5.x, >= 5.0.1)
      activesupport (~> 5.x)
    rails-dom-testing (2.0.3)
      activesupport (>= 4.2.0)
      nokogiri (>= 1.6)
    rails-html-sanitizer (1.0.4)
      loofah (~> 2.2, >= 2.2.2)
    rails-i18n (5.1.1)
      i18n (>= 0.7, < 2)
      railties (>= 5.0, < 6)
    rails_translation_manager (0.1.0)
      activesupport
      rails-i18n
    railties (5.1.6)
      actionpack (= 5.1.6)
      activesupport (= 5.1.6)
      method_source
      rake (>= 0.8.7)
      thor (>= 0.18.1, < 2.0)
    rainbow (3.0.0)
    raindrops (0.19.0)
    rake (12.3.1)
    rb-fsevent (0.10.3)
    rb-inotify (0.9.10)
      ffi (>= 0.5.0, < 2)
    record_tag_helper (1.0.0)
      actionview (~> 5.x)
    redis (4.0.1)
    redis-namespace (1.6.0)
      redis (>= 3.0.4)
    request_store (1.4.1)
      rack (>= 1.4)
    responders (2.4.0)
      actionpack (>= 4.2.0, < 5.3)
      railties (>= 4.2.0, < 5.3)
    rest-client (2.0.2)
      http-cookie (>= 1.0.2, < 2.0)
      mime-types (>= 1.16, < 4.0)
      netrc (~> 0.8)
    rinku (2.0.4)
    rouge (3.2.1)
    rubocop (0.58.2)
      jaro_winkler (~> 1.5.1)
      parallel (~> 1.10)
      parser (>= 2.5, != 2.5.1.1)
      powerpack (~> 0.1)
      rainbow (>= 2.2.2, < 4.0)
      ruby-progressbar (~> 1.7)
      unicode-display_width (~> 1.0, >= 1.0.1)
    rubocop-rspec (1.29.0)
      rubocop (>= 0.58.0)
    ruby-graphviz (1.2.3)
    ruby-prof (0.17.0)
    ruby-progressbar (1.10.0)
    ruby-rc4 (0.1.5)
    rubyzip (1.2.2)
    rufus-scheduler (3.5.0)
      fugit (~> 1.1, >= 1.1.1)
    safe_yaml (1.0.4)
    sanitize (2.1.0)
      nokogiri (>= 1.4.4)
    sass (3.5.7)
      sass-listen (~> 4.0.0)
    sass-listen (4.0.0)
      rb-fsevent (~> 0.9, >= 0.9.4)
      rb-inotify (~> 0.9, >= 0.9.7)
    sass-rails (5.0.7)
      railties (>= 4.0.0, < 6)
      sass (~> 3.1)
      sprockets (>= 2.8, < 4.0)
      sprockets-rails (>= 2.0, < 4.0)
      tilt (>= 1.1, < 3)
    sassc (1.11.4)
      bundler
      ffi (~> 1.9.6)
      sass (>= 3.3.0)
    sassc-rails (1.3.0)
      railties (>= 4.0.0)
      sass
      sassc (~> 1.9)
      sprockets (> 2.11)
      sprockets-rails
      tilt
    scss_lint (0.57.0)
      rake (>= 0.9, < 13)
      sass (~> 3.5.5)
    selenium-webdriver (3.14.0)
      childprocess (~> 0.5)
      rubyzip (~> 1.2)
    sentry-raven (2.7.4)
      faraday (>= 0.7.6, < 1.0)
    shared_mustache (1.0.1)
      execjs (>= 1.2.4)
      mustache (~> 1.0.2)
    sidekiq (5.1.3)
      concurrent-ruby (~> 1.0)
      connection_pool (~> 2.2, >= 2.2.0)
      rack-protection (>= 1.5.0)
      redis (>= 3.3.5, < 5)
    sidekiq-logging-json (0.0.18)
      sidekiq (>= 3)
    sidekiq-scheduler (3.0.0)
      redis (>= 3, < 5)
      rufus-scheduler (~> 3.2)
      sidekiq (>= 3)
      tilt (>= 1.4.0)
    sidekiq-statsd (0.1.5)
      activesupport
      sidekiq (>= 2.6)
      statsd-ruby (>= 1.1.0)
    simplecov (0.16.1)
      docile (~> 1.1)
      json (>= 1.8, < 3)
      simplecov-html (~> 0.10.0)
    simplecov-html (0.10.2)
    simplecov-rcov (0.2.3)
      simplecov (>= 0.4.1)
    slimmer (13.0.0)
      activesupport
      json
      nokogiri (~> 1.7)
      null_logger
      plek (>= 1.1.0)
      rack
      rest-client
    sprockets (3.7.2)
      concurrent-ruby (~> 1.0)
      rack (> 1, < 3)
    sprockets-rails (3.2.1)
      actionpack (>= 4.0)
      activesupport (>= 4.0)
      sprockets (>= 3.0.0)
    stackprof (0.2.12)
    statsd-ruby (1.4.0)
    teaspoon (1.1.5)
      railties (>= 3.2.5, < 6)
    teaspoon-qunit (1.20.0)
      teaspoon (>= 1.0.0)
    test-queue (0.2.13)
    thor (0.20.0)
    thread_safe (0.3.6)
    tilt (2.0.8)
    timecop (0.9.1)
    transitions (1.2.1)
    ttfunk (1.5.1)
    typhoeus (1.3.0)
      ethon (>= 0.9.0)
    tzinfo (1.2.5)
      thread_safe (~> 0.1)
    uglifier (4.1.19)
      execjs (>= 0.3.0, < 3)
    unf (0.1.4)
      unf_ext
    unf_ext (0.0.7.5)
    unicode-display_width (1.4.0)
    unicorn (5.4.1)
      kgio (~> 2.6)
      raindrops (~> 0.7)
    validates_email_format_of (1.6.3)
      i18n
    warden (1.2.7)
      rack (>= 1.0)
    warden-oauth2 (0.0.1)
      warden
    webmock (3.4.2)
      addressable (>= 2.3.6)
      crack (>= 0.3.2)
      hashdiff
    webrobots (0.1.2)
    websocket-driver (0.6.5)
      websocket-extensions (>= 0.1.0)
    websocket-extensions (0.1.3)
    whenever (0.10.0)
      chronic (>= 0.6.3)
    xpath (3.1.0)
      nokogiri (~> 1.8)

PLATFORMS
  ruby

DEPENDENCIES
  activemodel-serializers-xml
  addressable (>= 2.3.7)
  asset_bom_removal-rails (~> 1.0.0)
  babosa (= 1.0.2)
  better_errors
  binding_of_caller
  bootsnap
  bootstrap-kaminari-views (= 0.0.5)
  bourne
  carrierwave (~> 1.2.3)
  carrierwave-i18n
  chronic
  ci_reporter_minitest
  coffee-rails (~> 4.2.2)
  cucumber (~> 2.4.0)
  cucumber-rails
  dalli (~> 2.7)
  database_cleaner
  deprecated_columns (~> 0.1.1)
  equivalent-xml (~> 0.6.0)
  factory_bot
  faraday
  friendly_id (~> 5.2.4)
  gds-api-adapters
  gds-sso (~> 13.6)
  globalize!
  govspeak (~> 5.5.0)
  govuk-content-schema-test-helpers
  govuk-lint (~> 3)
  govuk_ab_testing (~> 2.4x)
  govuk_admin_template (~> 6.6)
  govuk_app_config (~> 1.8)
  govuk_frontend_toolkit (= 7.6.0)
  govuk_publishing_components (~> 9.25.0)
  govuk_sidekiq (~> 3)
  govuk_test
  graphviz_transitions
  invalid_utf8_rejector (~> 0.0.4)
  isbn_validation
  jbuilder
  jquery-ui-rails (~> 4.2.1)
  kaminari (~> 1.1.1)
  launchy
  link_header
  logstasher (~> 1.2.1)
  maxitest
  mechanize
  mime-types (~> 3.2)
  mini_magick (~> 4.8.0)
  minitest (= 5.10.3)
  minitest-fail-fast
  minitest-stub-const
  mlanett-redis-lock
  mocha
  mysql2 (~> 0.4.10)
  nokogiri (~> 1.8.3)
  parallel
  parallel_tests
  pdf-reader (~> 2.1)
  plek (~> 2.1)
  pry-byebug
  pry-rails
  ptools
  rack (~> 2.0)
  rack-test
  rack_strip_client_ip (~> 0.0.2)
  rails (~> 5.1)
  rails-controller-testing
  rails-i18n (~> 5.1)
  rails_translation_manager (~> 0.1.0)
  raindrops (= 0.19.0)
  rake (= 12.3.1)
  record_tag_helper (~> 1.0)
  redis-namespace
  responders (~> 2.4)
  rinku
  ruby-prof
  ruby-progressbar
  sass (~> 3.5)
  sassc-rails (~> 1.3)
  shared_mustache (~> 1.0.0)
  sidekiq-scheduler (~> 3.0)
  simplecov
  simplecov-rcov
  slimmer (~> 13.0)
  sprockets (~> 3.7)
  sprockets-rails
  stackprof
  statsd-ruby (~> 1.4.0)
  teaspoon-qunit
  test-queue (~> 0.2.13)
  timecop
  transitions
  typhoeus (~> 1.1)
  uglifier (~> 4.1)
  unicorn (= 5.4.1)
  validates_email_format_of
  webmock
  whenever (~> 0.10.0)

BUNDLED WITH
   1.16.2
