GIT
  remote: git://github.com/alphagov/Sidekiq-Logging-JSON.git
  revision: 3c6d56d6ff3646c4ff00c209912514df08eabe26
  specs:
    sidekiq-logging-json (0.0.14)
      sidekiq (>= 3)

GIT
  remote: git://github.com/alphagov/test_track.git
  revision: 1f997082e2f1be94274d294c2f8d34ab0b21bb7f
  branch: master
  specs:
    test_track (0.1.0)
      rails (>= 3.1.0)

GEM
  remote: https://rubygems.org/
  specs:
    Ascii85 (1.0.2)
    PriorityQueue (0.1.2)
    actionmailer (4.2.5.2)
      actionpack (= 4.2.5.2)
      actionview (= 4.2.5.2)
      activejob (= 4.2.5.2)
      mail (~> 2.5, >= 2.5.4)
      rails-dom-testing (~> 1.0, >= 1.0.5)
    actionpack (4.2.5.2)
      actionview (= 4.2.5.2)
      activesupport (= 4.2.5.2)
      rack (~> 1.6)
      rack-test (~> 0.6.2)
      rails-dom-testing (~> 1.0, >= 1.0.5)
      rails-html-sanitizer (~> 1.0, >= 1.0.2)
    actionview (4.2.5.2)
      activesupport (= 4.2.5.2)
      builder (~> 3.1)
      erubis (~> 2.7.0)
      rails-dom-testing (~> 1.0, >= 1.0.5)
      rails-html-sanitizer (~> 1.0, >= 1.0.2)
    active_model_serializers (0.10.2)
      actionpack (>= 4.1, < 6)
      activemodel (>= 4.1, < 6)
      jsonapi (~> 0.1.1.beta2)
      railties (>= 4.1, < 6)
    activejob (4.2.5.2)
      activesupport (= 4.2.5.2)
      globalid (>= 0.3.0)
    activemodel (4.2.5.2)
      activesupport (= 4.2.5.2)
      builder (~> 3.1)
    activerecord (4.2.5.2)
      activemodel (= 4.2.5.2)
      activesupport (= 4.2.5.2)
      arel (~> 6.0)
    activesupport (4.2.5.2)
      i18n (~> 0.7)
      json (~> 1.7, >= 1.7.7)
      minitest (~> 5.1)
      thread_safe (~> 0.3, >= 0.3.4)
      tzinfo (~> 1.1)
    addressable (2.3.8)
    afm (0.2.0)
    airbrake (4.1.0)
      builder
      multi_json
    arel (6.0.3)
    ast (2.2.0)
    astrolabe (1.3.1)
      parser (~> 2.2)
    autoprefixer-rails (6.3.5)
      execjs
    babosa (1.0.2)
    better_errors (2.1.0)
      coderay (>= 1.0.0)
      erubis (>= 2.6.6)
      rack (>= 0.9.0)
    binding_of_caller (0.7.2)
      debug_inspector (>= 0.0.1)
    bootstrap-kaminari-views (0.0.5)
      kaminari (>= 0.13)
      rails (>= 3.1)
    bootstrap-sass (3.3.5.1)
      autoprefixer-rails (>= 5.0.0.1)
      sass (>= 3.3.0)
    builder (3.2.2)
    byebug (3.5.1)
      columnize (~> 0.8)
      debugger-linecache (~> 1.2)
      slop (~> 3.6)
    capybara (2.4.4)
      mime-types (>= 1.16)
      nokogiri (>= 1.3.3)
      rack (>= 1.0.0)
      rack-test (>= 0.5.4)
      xpath (~> 2.0)
    carrierwave (0.9.0)
      activemodel (>= 3.2.0)
      activesupport (>= 3.2.0)
      json (>= 1.7)
    chronic (0.10.2)
    ci_reporter (1.8.4)
      builder (>= 2.1.2)
    cliver (0.3.2)
    coderay (1.1.0)
    columnize (0.9.0)
    concurrent-ruby (1.0.1)
    connection_pool (2.2.0)
    crack (0.4.2)
      safe_yaml (~> 1.0.0)
    cucumber (1.3.19)
      builder (>= 2.1.2)
      diff-lcs (>= 1.1.3)
      gherkin (~> 2.12)
      multi_json (>= 1.7.5, < 2.0)
      multi_test (>= 0.1.2)
    cucumber-rails (1.4.2)
      capybara (>= 1.1.2, < 3)
      cucumber (>= 1.3.8, < 2)
      mime-types (>= 1.16, < 3)
      nokogiri (~> 1.5)
      rails (>= 3, < 5)
    daemons (1.1.9)
    dalli (2.7.2)
    database_cleaner (1.4.0)
    debug_inspector (0.0.2)
    debugger-linecache (1.2.0)
    deprecated_columns (0.1.0)
      rails (>= 4.0)
    diff-lcs (1.2.5)
    docile (1.1.5)
    domain_name (0.5.25)
      unf (>= 0.0.5, < 1.0.0)
    equivalent-xml (0.5.1)
      nokogiri (>= 1.4.3)
    erubis (2.7.0)
    ethon (0.7.2)
      ffi (>= 1.3.0)
    eventmachine (1.0.4)
    execjs (2.6.0)
    factory_girl (4.5.0)
      activesupport (>= 3.0.0)
    faraday (0.9.2)
      multipart-post (>= 1.2, < 3)
    ffi (1.9.6)
    friendly_id (5.0.4)
      activerecord (>= 4.0.0)
    gds-api-adapters (31.1.0)
      link_header
      lrucache (~> 0.1.1)
      null_logger
      plek (>= 1.9.0)
      rack-cache
      rest-client (~> 1.8.0)
    gds-sso (11.2.1)
      multi_json (~> 1.0)
      oauth2 (~> 1.0)
      omniauth (~> 1.2)
      omniauth-gds (~> 3.2)
      rack-accept (~> 0.4.4)
      rails (>= 3.0.0)
      warden (~> 1.2)
      warden-oauth2 (~> 0.0.1)
    gherkin (2.12.2)
      multi_json (~> 1.3)
    globalid (0.3.6)
      activesupport (>= 4.1.0)
    globalize (5.0.1)
      activemodel (>= 4.2.0, < 4.3)
      activerecord (>= 4.2.0, < 4.3)
    govspeak (3.6.2)
      addressable (~> 2.3.8)
      htmlentities (~> 4)
      kramdown (~> 1.10.0)
      nokogiri (~> 1.5)
      sanitize (~> 2.1.0)
    govuk-content-schema-test-helpers (1.4.0)
      json-schema (~> 2.5.1)
    govuk-lint (0.5.1)
      rubocop (~> 0.35.0)
    govuk_admin_template (4.2.0)
      bootstrap-sass (= 3.3.5.1)
      jquery-rails (~> 3.1.3)
      rails (>= 3.2.0)
    govuk_frontend_toolkit (4.8.1)
      rails (>= 3.1.0)
      sass (>= 3.2.0)
    hashdiff (0.2.3)
    hashery (2.1.1)
    hashie (3.4.3)
    htmlentities (4.3.4)
    http-cookie (1.0.2)
      domain_name (~> 0.5)
    i18n (0.7.0)
    invalid_utf8_rejector (0.0.1)
      rack (~> 1.0)
    isbn_validation (1.2.1)
      activerecord (>= 3)
    jbuilder (2.2.6)
      activesupport (>= 3.0.0, < 5)
      multi_json (~> 1.2)
    jquery-rails (3.1.4)
      railties (>= 3.0, < 5.0)
      thor (>= 0.14, < 2.0)
    jquery-ui-rails (4.1.1)
      railties (>= 3.1.0)
    json (1.8.3)
    json-schema (2.5.1)
      addressable (~> 2.3.7)
    jsonapi (0.1.1.beta2)
      json (~> 1.8)
    jwt (1.5.2)
    kaminari (0.15.1)
      actionpack (>= 3.0.0)
      activesupport (>= 3.0.0)
    kgio (2.10.0)
    kramdown (1.10.0)
    launchy (2.4.3)
      addressable (~> 2.3)
    link_header (0.0.8)
    logstash-event (1.1.5)
    logstasher (0.6.2)
      logstash-event (~> 1.1.0)
      request_store
    loofah (2.0.3)
      nokogiri (>= 1.5.9)
    lrucache (0.1.4)
      PriorityQueue (~> 0.1.2)
    mail (2.6.3)
      mime-types (>= 1.16, < 3)
    maxitest (1.5.5)
      minitest (>= 5.0.0, < 5.9.0)
    metaclass (0.0.4)
    method_source (0.8.2)
    mime-types (1.25.1)
    mini_magick (3.6.0)
      subexec (~> 0.2.1)
    mini_portile2 (2.0.0)
    minitest (5.8.4)
    minitest-fail-fast (0.0.1)
      minitest (~> 5)
    mocha (1.1.0)
      metaclass (~> 0.0.1)
    multi_json (1.11.2)
    multi_test (0.1.2)
    multi_xml (0.5.5)
    multipart-post (2.0.0)
    mustache (0.99.8)
    mysql2 (0.3.17)
    netrc (0.11.0)
    newrelic_rpm (3.9.9.275)
    nokogiri (1.6.7.2)
      mini_portile2 (~> 2.0.0.rc2)
    null_logger (0.0.1)
    oauth2 (1.0.0)
      faraday (>= 0.8, < 0.10)
      jwt (~> 1.0)
      multi_json (~> 1.3)
      multi_xml (~> 0.5)
      rack (~> 1.2)
    omniauth (1.2.2)
      hashie (>= 1.2, < 4)
      rack (~> 1.0)
    omniauth-gds (3.2.1)
      multi_json (~> 1.10)
      omniauth-oauth2 (= 1.3.1)
    omniauth-oauth2 (1.3.1)
      oauth2 (~> 1.0)
      omniauth (~> 1.2)
    parallel (1.4.1)
    parallel_tests (1.0.7)
      parallel
    parser (2.3.0.2)
      ast (~> 2.2)
    pdf-reader (1.3.3)
      Ascii85 (~> 1.0.0)
      afm (~> 0.2.0)
      hashery (~> 2.0)
      ruby-rc4
      ttfunk
    plek (1.12.0)
    poltergeist (1.5.1)
      capybara (~> 2.1)
      cliver (~> 0.3.1)
      multi_json (~> 1.0)
      websocket-driver (>= 0.2.0)
    powerpack (0.1.1)
    pry (0.10.1)
      coderay (~> 1.1.0)
      method_source (~> 0.8.1)
      slop (~> 3.4)
    pry-byebug (2.0.0)
      byebug (~> 3.4)
      pry (~> 0.10)
    quiet_assets (1.1.0)
      railties (>= 3.1, < 5.0)
    rack (1.6.4)
    rack-accept (0.4.5)
      rack (>= 0.4)
    rack-cache (1.6.1)
      rack (>= 0.4)
    rack-test (0.6.3)
      rack (>= 1.0)
    rack_strip_client_ip (0.0.1)
    rails (4.2.5.2)
      actionmailer (= 4.2.5.2)
      actionpack (= 4.2.5.2)
      actionview (= 4.2.5.2)
      activejob (= 4.2.5.2)
      activemodel (= 4.2.5.2)
      activerecord (= 4.2.5.2)
      activesupport (= 4.2.5.2)
      bundler (>= 1.3.0, < 2.0)
      railties (= 4.2.5.2)
      sprockets-rails
    rails-deprecated_sanitizer (1.0.3)
      activesupport (>= 4.2.0.alpha)
    rails-dom-testing (1.0.7)
      activesupport (>= 4.2.0.beta, < 5.0)
      nokogiri (~> 1.6.0)
      rails-deprecated_sanitizer (>= 1.0.1)
    rails-html-sanitizer (1.0.3)
      loofah (~> 2.0)
    rails-i18n (0.7.3)
      i18n (~> 0.5)
    rails-observers (0.1.2)
      activemodel (~> 4.0)
    rails_translation_manager (0.0.1)
      activesupport
      rails-i18n
    railties (4.2.5.2)
      actionpack (= 4.2.5.2)
      activesupport (= 4.2.5.2)
      rake (>= 0.8.7)
      thor (>= 0.18.1, < 2.0)
    rainbow (2.1.0)
    raindrops (0.15.0)
    rake (10.1.0)
    redis (3.2.2)
    redis-namespace (1.5.2)
      redis (~> 3.0, >= 3.0.4)
    request_store (1.1.0)
    responders (2.1.0)
      railties (>= 4.2.0, < 5)
    rest-client (1.8.0)
      http-cookie (>= 1.0.2, < 2.0)
      mime-types (>= 1.16, < 3.0)
      netrc (~> 0.7)
    rinku (1.7.3)
    rubocop (0.35.1)
      astrolabe (~> 1.3)
      parser (>= 2.2.3.0, < 3.0)
      powerpack (~> 0.1)
      rainbow (>= 1.99.1, < 3.0)
      ruby-progressbar (~> 1.7)
      tins (<= 1.6.0)
    ruby-prof (0.15.2)
    ruby-progressbar (1.7.5)
    ruby-rc4 (0.1.5)
    rummageable (1.2.0)
      multi_json
      null_logger
      rest-client
    safe_yaml (1.0.4)
    sanitize (2.1.0)
      nokogiri (>= 1.4.4)
    sass (3.4.9)
    sassc (1.8.5)
      bundler
      ffi (~> 1.9.6)
      sass (>= 3.3.0)
    sassc-rails (1.2.0)
      railties (>= 4.0.0)
      sass
      sassc (~> 1.6)
      sprockets (> 2.11)
      sprockets-rails
      tilt
    shared_mustache (0.2.1)
      execjs (>= 1.2.4)
      mustache (~> 0.99.4)
    sidekiq (4.1.1)
      concurrent-ruby (~> 1.0)
      connection_pool (~> 2.2, >= 2.2.0)
      redis (~> 3.2, >= 3.2.1)
    sidekiq-statsd (0.1.5)
      activesupport
      sidekiq (>= 2.6)
      statsd-ruby (>= 1.1.0)
    simplecov (0.9.1)
      docile (~> 1.1.0)
      multi_json (~> 1.0)
      simplecov-html (~> 0.8.0)
    simplecov-html (0.8.0)
    simplecov-rcov (0.2.3)
      simplecov (>= 0.4.1)
    slimmer (9.0.1)
      activesupport
      json
      nokogiri (>= 1.5.0, < 1.7.0)
      null_logger
      plek (>= 1.1.0)
      rack (>= 1.3.5)
      rest-client
    slop (3.6.0)
    sprockets (3.5.2)
      concurrent-ruby (~> 1.0)
      rack (> 1, < 3)
    sprockets-rails (2.3.3)
      actionpack (>= 3.0)
      activesupport (>= 3.0)
      sprockets (>= 2.8, < 4.0)
    stackprof (0.2.9)
    statsd-ruby (1.2.1)
    subexec (0.2.3)
    test-queue (0.2.11)
    thin (1.6.3)
      daemons (~> 1.0, >= 1.0.9)
      eventmachine (~> 1.0)
      rack (~> 1.0)
    thor (0.19.1)
    thread_safe (0.3.5)
    tilt (2.0.2)
    timecop (0.7.1)
    tins (1.6.0)
    transitions (0.2.0)
    ttfunk (1.1.1)
    typhoeus (0.6.9)
      ethon (>= 0.7.1)
    tzinfo (1.2.2)
      thread_safe (~> 0.1)
    uglifier (2.7.2)
      execjs (>= 0.3.0)
      json (>= 1.8.0)
    unf (0.1.4)
      unf_ext
    unf_ext (0.0.7.1)
    unicorn (5.0.0)
      kgio (~> 2.6)
      rack
      raindrops (~> 0.7)
    validates_email_format_of (1.6.1)
      i18n
    warden (1.2.4)
      rack (>= 1.0)
    warden-oauth2 (0.0.1)
      warden
    webmock (1.22.3)
      addressable (>= 2.3.6)
      crack (>= 0.3.2)
      hashdiff
    websocket-driver (0.3.5)
    whenever (0.9.4)
      chronic (>= 0.6.3)
    xpath (2.0.0)
      nokogiri (~> 1.3)

PLATFORMS
  ruby

DEPENDENCIES
  active_model_serializers (~> 0.10)
  addressable (>= 2.3.7)
  airbrake (= 4.1.0)
  babosa (= 1.0.2)
  better_errors
  binding_of_caller
  bootstrap-kaminari-views (= 0.0.5)
  capybara (~> 2.4.4)
  carrierwave (= 0.9.0)
  chronic
  ci_reporter
  cucumber-rails (~> 1.4.2)
  dalli
  database_cleaner (= 1.4.0)
  deprecated_columns (= 0.1.0)
  equivalent-xml (= 0.5.1)
  factory_girl
  friendly_id (= 5.0.4)
  gds-api-adapters (~> 31.1)
  gds-sso (~> 11.0)
  globalize (~> 5.0.0)
  govspeak (~> 3.6.2)
  govuk-content-schema-test-helpers (= 1.4.0)
  govuk-lint (~> 0.5.1)
  govuk_admin_template (= 4.2.0)
  govuk_frontend_toolkit (= 4.8.1)
  invalid_utf8_rejector (~> 0.0.1)
  isbn_validation
  jbuilder
  jquery-ui-rails
  kaminari (= 0.15.1)
  launchy (~> 2.4.3)
  link_header
  logstasher (= 0.6.2)
  maxitest
  mime-types (= 1.25.1)
  mini_magick
  minitest-fail-fast
  mocha (= 1.1.0)
  mysql2
  newrelic_rpm
  nokogiri (~> 1.6.7.2)
  parallel (= 1.4.1)
  parallel_tests
  pdf-reader (= 1.3.3)
  plek (~> 1.12)
  poltergeist (~> 1.5.1)
  pry-byebug
  quiet_assets
  rack (~> 1.6.2)
  rack-test (~> 0.6.3)
  rack_strip_client_ip (= 0.0.1)
  rails (= 4.2.5.2)
  rails-i18n
  rails-observers
  rails_translation_manager (= 0.0.1)
  raindrops (= 0.15.0)
  rake (= 10.1.0)
  redis-namespace
  responders (~> 2.0)
  rinku
  ruby-prof
  ruby-progressbar
  rummageable (= 1.2.0)
  sass (= 3.4.9)
  sassc-rails
  shared_mustache (~> 0.2.1)
  sidekiq (~> 4.0)
  sidekiq-logging-json!
  sidekiq-statsd (= 0.1.5)
  simplecov
  simplecov-rcov
  slimmer (= 9.0.1)
  sprockets (~> 3.0)
  sprockets-rails (= 2.3.3)
  stackprof
  statsd-ruby (~> 1.2.1)
  test-queue (= 0.2.11)
  test_track (~> 0.1.0)!
  thin (= 1.6.3)
  timecop
  transitions
  typhoeus (= 0.6.9)
  uglifier
  unicorn (= 5.0.0)
  validates_email_format_of
  webmock (~> 1.22.3)
  whenever (= 0.9.4)

BUNDLED WITH
   1.10.6
