GIT
  remote: https://github.com/alphagov/kramdown.git
  revision: cd933891d9ed9cdfec1692a085ca2cd694ee5c12
  branch: add-gemspec
  specs:
    kramdown (0.13.7)

GIT
  remote: https://github.com/alphagov/rummageable.git
  revision: b5de26b730d04062a6da91eb1343fdb8dc035191
  specs:
    rummageable (0.4.0)
      json
      plek (>= 0.5.0)
      rest-client

GIT
  remote: https://github.com/thedarkone/rails-dev-boost.git
  revision: c648d229fa981c5f9bcbd8ac6baa520582c248c6
  specs:
    rails-dev-boost (0.1.1)

GEM
  remote: http://rubygems.org/
  remote: https://gems.gemfury.com/vo6ZrmjBQu5szyywDszE/
  specs:
    Ascii85 (1.0.1)
    PriorityQueue (0.1.2)
    actionmailer (3.1.7)
      actionpack (= 3.1.7)
      mail (~> 2.3.3)
    actionpack (3.1.7)
      activemodel (= 3.1.7)
      activesupport (= 3.1.7)
      builder (~> 3.0.0)
      erubis (~> 2.7.0)
      i18n (~> 0.6)
      rack (~> 1.3.6)
      rack-cache (~> 1.2)
      rack-mount (~> 0.8.2)
      rack-test (~> 0.6.1)
      sprockets (~> 2.0.4)
    activemodel (3.1.7)
      activesupport (= 3.1.7)
      builder (~> 3.0.0)
      i18n (~> 0.6)
    activerecord (3.1.7)
      activemodel (= 3.1.7)
      activesupport (= 3.1.7)
      arel (~> 2.2.3)
      tzinfo (~> 0.3.29)
    activeresource (3.1.7)
      activemodel (= 3.1.7)
      activesupport (= 3.1.7)
    activesupport (3.1.7)
      multi_json (>= 1.0, < 1.3)
    addressable (2.2.8)
    arel (2.2.3)
    aws-ses (0.4.4)
      builder
      mail (> 2.2.5)
      mime-types
      xml-simple
    boomerang-rails (0.0.2)
      rails (~> 3.0)
    bootstrap-kaminari-views (0.0.2)
      kaminari (>= 0.13)
      rails (>= 3.1)
    brakeman (1.7.0)
      activesupport
      erubis (~> 2.6)
      fastercsv (~> 1.5)
      haml (~> 3.0)
      highline (~> 1.6)
      i18n
      json_pure
      ruby2ruby (~> 1.2)
      ruby_parser (= 2.3.1)
      sass (~> 3.0)
      terminal-table (~> 1.4)
    builder (3.0.3)
    capybara (1.1.1)
      mime-types (>= 1.16)
      nokogiri (>= 1.3.3)
      rack (>= 1.0.0)
      rack-test (>= 0.5.4)
      selenium-webdriver (~> 2.0)
      xpath (~> 0.1.4)
    capybara-webkit (0.12.1)
      capybara (>= 1.0.0, < 1.2)
      json
    carrierwave (0.5.7)
      activesupport (~> 3.0)
    childprocess (0.2.2)
      ffi (~> 1.0.6)
    chronic (0.6.7)
    ci_reporter (1.7.1)
      builder (>= 2.1.2)
    crack (0.3.1)
    cucumber (1.0.6)
      builder (>= 2.1.2)
      diff-lcs (>= 1.1.2)
      gherkin (~> 2.4.18)
      json (>= 1.4.6)
      term-ansicolor (>= 1.0.6)
    cucumber-rails (1.0.6)
      capybara (>= 1.1.1)
      cucumber (>= 1.0.6)
      nokogiri (>= 1.5.0)
    daemons (1.1.8)
    database_cleaner (0.8.0)
    diff-lcs (1.1.3)
    draper (0.12.3)
      actionpack (~> 3.1.3)
      activesupport (>= 2.3.10)
      activesupport (~> 3.1.3)
      rake
      rspec (~> 2.0)
    erubis (2.7.0)
    eventmachine (0.12.10)
    exception_notification (2.4.0)
    excon (0.7.6)
    execjs (1.2.4)
      multi_json (~> 1.0)
    factory_girl (2.6.4)
      activesupport (>= 2.3.9)
    faker (1.0.1)
      i18n (~> 0.4)
    faraday (0.8.4)
      multipart-post (~> 1.1)
    fastercsv (1.5.5)
    ffi (1.0.9)
    fog (1.1.1)
      builder
      excon (~> 0.7.4)
      formatador (~> 0.2.0)
      mime-types
      multi_json (~> 1.0.3)
      net-scp (~> 1.0.4)
      net-ssh (>= 2.1.3)
      nokogiri (~> 1.5.0)
      ruby-hmac
    formatador (0.2.1)
    friendly_id (4.0.0.beta14)
    gds-api-adapters (2.8.1)
      lrucache (~> 0.1.1)
      null_logger
      plek
    gds-sso (1.2.2)
      omniauth-gds (= 0.0.3)
      rack-accept (~> 0.4.4)
      rails (>= 3.0.0)
      warden (~> 1.2)
    gherkin (2.4.21)
      json (>= 1.4.6)
    govspeak (1.0.1)
      htmlentities (~> 4)
      kramdown (~> 0.13.3)
      sanitize (= 2.0.3)
    govuk_frontend_toolkit (0.1.0)
      rails (>= 3.1.0)
    haml (3.1.6)
    hash_syntax (1.0.0)
      object_regex (~> 1.0.1)
      trollop (~> 1.16.2)
    hashie (1.2.0)
    highline (1.6.13)
    hike (1.2.1)
    htmlentities (4.3.1)
    httpauth (0.1)
    i18n (0.6.0)
    isbn_validation (1.1.0)
      activerecord (>= 3)
    jquery-rails (1.0.19)
      railties (~> 3.0)
      thor (~> 0.14)
    json (1.7.5)
    json_pure (1.6.1)
    jwt (0.1.5)
      multi_json (>= 1.0)
    kaminari (0.13.0)
      actionpack (>= 3.0.0)
      activesupport (>= 3.0.0)
      railties (>= 3.0.0)
    kgio (2.7.4)
    launchy (2.0.5)
      addressable (~> 2.2.6)
    lograge (0.0.6)
      actionpack
      activesupport
    lrucache (0.1.3)
      PriorityQueue (~> 0.1.2)
    mail (2.3.3)
      i18n (>= 0.4.0)
      mime-types (~> 1.16)
      treetop (~> 1.4.8)
    metaclass (0.0.1)
    mime-types (1.19)
    minitest (2.5.1)
    mocha (0.10.0)
      metaclass (~> 0.0.1)
    multi_json (1.0.4)
    multipart-post (1.1.5)
    mysql2 (0.3.11)
    net-scp (1.0.4)
      net-ssh (>= 1.99.1)
    net-ssh (2.2.1)
    newrelic_rpm (3.3.4.1)
    nokogiri (1.5.5)
    null_logger (0.0.1)
    oauth2 (0.8.0)
      faraday (~> 0.8)
      httpauth (~> 0.1)
      jwt (~> 0.1.4)
      multi_json (~> 1.0)
      rack (~> 1.2)
    object_regex (1.0.1)
    omniauth (1.1.0)
      hashie (~> 1.2)
      rack
    omniauth-gds (0.0.3)
      omniauth-oauth2 (~> 1.0)
    omniauth-oauth2 (1.1.0)
      oauth2 (~> 0.8.0)
      omniauth (~> 1.0)
    paper_trail (2.6.2)
      rails (~> 3)
    pdf-reader (0.10.1)
      Ascii85 (~> 1.0.0)
    plek (0.5.0)
      builder
    polyglot (0.3.3)
    quiet_assets (1.0.1)
      railties (~> 3.1)
    rabl (0.6.0)
      activesupport (>= 2.3.14)
      multi_json (~> 1.0.3)
    rack (1.3.6)
    rack-accept (0.4.5)
      rack (>= 0.4)
    rack-cache (1.2)
      rack (>= 0.4)
    rack-mount (0.8.3)
      rack (>= 1.0.0)
    rack-ssl (1.3.2)
      rack
    rack-test (0.6.1)
      rack (>= 1.0)
    rails (3.1.7)
      actionmailer (= 3.1.7)
      actionpack (= 3.1.7)
      activerecord (= 3.1.7)
      activeresource (= 3.1.7)
      activesupport (= 3.1.7)
      bundler (~> 1.0)
      railties (= 3.1.7)
    railties (3.1.7)
      actionpack (= 3.1.7)
      activesupport (= 3.1.7)
      rack-ssl (~> 1.3.2)
      rake (>= 0.8.7)
      rdoc (~> 3.4)
      thor (~> 0.14.6)
    raindrops (0.10.0)
    rake (0.9.2)
    rdoc (3.12)
      json (~> 1.4)
    rest-client (1.6.7)
      mime-types (>= 1.16)
    router-client (3.0.2)
      activesupport
      builder
      null_logger
    rspec (2.10.0)
      rspec-core (~> 2.10.0)
      rspec-expectations (~> 2.10.0)
      rspec-mocks (~> 2.10.0)
    rspec-core (2.10.1)
    rspec-expectations (2.10.0)
      diff-lcs (~> 1.1.3)
    rspec-mocks (2.10.1)
    ruby-hmac (0.4.0)
    ruby2ruby (1.3.1)
      ruby_parser (~> 2.0)
      sexp_processor (~> 3.0)
    ruby_parser (2.3.1)
      sexp_processor (~> 3.0)
    rubyzip (0.9.4)
    sanitize (2.0.3)
      nokogiri (>= 1.4.4, < 1.6)
    sass (3.2.1)
    sass-rails (3.1.4)
      actionpack (~> 3.1.0)
      railties (~> 3.1.0)
      sass (>= 3.1.4)
      sprockets (~> 2.0.0)
      tilt (~> 1.3.2)
    selenium-webdriver (2.7.0)
      childprocess (>= 0.2.1)
      ffi (>= 1.0.7)
      json_pure
      rubyzip
    sexp_processor (3.2.0)
    simplecov (0.6.4)
      multi_json (~> 1.0)
      simplecov-html (~> 0.5.3)
    simplecov-html (0.5.3)
    simplecov-rcov (0.2.3)
      simplecov (>= 0.4.1)
    slimmer (3.4.0)
      json
      lrucache (~> 0.1.3)
      nokogiri (~> 1.5.0)
      null_logger
      plek (>= 0.1.8)
      rack (>= 1.3.5)
    sprockets (2.0.4)
      hike (~> 1.2)
      rack (~> 1.0)
      tilt (~> 1.1, != 1.3.0)
    term-ansicolor (1.0.6)
    terminal-table (1.4.5)
    test_track (0.0.4)
      rails (~> 3.1.0)
    thin (1.3.1)
      daemons (>= 1.0.9)
      eventmachine (>= 0.12.6)
      rack (>= 1.0.0)
    thor (0.14.6)
    tilt (1.3.3)
    timecop (0.3.5)
    transitions (0.0.13)
    treetop (1.4.10)
      polyglot
      polyglot (>= 0.3.1)
    trollop (1.16.2)
    tzinfo (0.3.33)
    uglifier (1.0.3)
      execjs (>= 0.3.0)
      multi_json (>= 1.0.2)
    unicorn (4.3.1)
      kgio (~> 2.6)
      rack
      raindrops (~> 0.7)
    validates_email_format_of (1.5.3)
    warden (1.2.1)
      rack (>= 1.0)
    webmock (1.7.8)
      addressable (~> 2.2, > 2.2.5)
      crack (>= 0.1.7)
    whenever (0.7.3)
      activesupport (>= 2.3.4)
      chronic (~> 0.6.3)
    xml-simple (1.1.1)
    xpath (0.1.4)
      nokogiri (~> 1.3)

PLATFORMS
  ruby

DEPENDENCIES
  addressable
  aws-ses
  boomerang-rails
  bootstrap-kaminari-views
  brakeman
  capybara-webkit
  carrierwave
  ci_reporter
  cucumber (~> 1.0.6)
  cucumber-rails (~> 1.0.5)
  database_cleaner (~> 0.8.0)
  draper
  exception_notification
  factory_girl (~> 2.6.0)
  faker
  fog
  friendly_id (= 4.0.0.beta14)
  gds-api-adapters (= 2.8.1)
  gds-sso (~> 1.2.2)
  govspeak (~> 1.0.1)
  govuk_frontend_toolkit (= 0.1.0)
  hash_syntax
  isbn_validation
  jquery-rails
  kaminari
  kramdown!
  launchy (~> 2.0.5)
  lograge
  minitest (= 2.5.1)
  mocha (= 0.10.0)
  mysql2
  newrelic_rpm
  nokogiri
  paper_trail
  pdf-reader
  plek
  quiet_assets
  rabl
  rails (= 3.1.7)
  rails-dev-boost!
  rake (= 0.9.2)
  router-client (~> 3.0.1)
  rummageable!
  sass (= 3.2.1)
  sass-rails (= 3.1.4)
  simplecov
  simplecov-rcov
  slimmer (= 3.4.0)
  test_track
  thin
  timecop
  transitions
  uglifier
  unicorn
  validates_email_format_of
  webmock
  whenever (= 0.7.3)
