GIT
  remote: https://github.com/alphagov/rack-test.git
  revision: c98433f5f6a45842520913c31968cde5cd782d55
  specs:
    rack-test (0.6.2)
      rack (>= 1.0)

GIT
  remote: https://github.com/svenfuchs/globalize3.git
  revision: ab69160adc66d23b8d34aedc3ea9bfc724207494
  ref: ab69160ad
  specs:
    globalize3 (0.3.0)
      activemodel (>= 3.0.0)
      activerecord (>= 3.0.0)
      paper_trail (~> 2)

GEM
  remote: http://rubygems.org/
  remote: https://BnrJb6FZyzspBboNJzYZ@gem.fury.io/govuk/
  specs:
    PriorityQueue (0.1.2)
    actionmailer (3.1.12)
      actionpack (= 3.1.12)
      mail (~> 2.4.4)
    actionpack (3.1.12)
      activemodel (= 3.1.12)
      activesupport (= 3.1.12)
      builder (~> 3.0.0)
      erubis (~> 2.7.0)
      i18n (~> 0.6)
      rack (~> 1.3.6)
      rack-cache (~> 1.2)
      rack-mount (~> 0.8.2)
      rack-test (~> 0.6.1)
      sprockets (~> 2.0.4)
    activemodel (3.1.12)
      activesupport (= 3.1.12)
      builder (~> 3.0.0)
      i18n (~> 0.6)
    activerecord (3.1.12)
      activemodel (= 3.1.12)
      activesupport (= 3.1.12)
      arel (~> 2.2.3)
      tzinfo (~> 0.3.29)
    activeresource (3.1.12)
      activemodel (= 3.1.12)
      activesupport (= 3.1.12)
    activesupport (3.1.12)
      multi_json (~> 1.0)
    addressable (2.2.8)
    arel (2.2.3)
    aws-ses (0.4.4)
      builder
      mail (> 2.2.5)
      mime-types
      xml-simple
    babosa (0.3.9)
    boomerang-rails (0.0.2)
      rails (~> 3.0)
    bootstrap-kaminari-views (0.0.2)
      kaminari (>= 0.13)
      rails (>= 3.1)
    brakeman (1.7.0)
      activesupport
      erubis (~> 2.6)
      fastercsv (~> 1.5)
      haml (~> 3.0)
      highline (~> 1.6)
      i18n
      json_pure
      ruby2ruby (~> 1.2)
      ruby_parser (= 2.3.1)
      sass (~> 3.0)
      terminal-table (~> 1.4)
    builder (3.0.4)
    bullet (4.5.0)
      uniform_notifier
    capybara (1.1.4)
      mime-types (>= 1.16)
      nokogiri (>= 1.3.3)
      rack (>= 1.0.0)
      rack-test (>= 0.5.4)
      selenium-webdriver (~> 2.0)
      xpath (~> 0.1.4)
    capybara-webkit (0.12.1)
      capybara (>= 1.0.0, < 1.2)
      json
    carrierwave (0.5.7)
      activesupport (~> 3.0)
    childprocess (0.3.6)
      ffi (~> 1.0, >= 1.0.6)
    chronic (0.6.7)
    ci_reporter (1.7.1)
      builder (>= 2.1.2)
    crack (0.3.2)
    cucumber (1.0.6)
      builder (>= 2.1.2)
      diff-lcs (>= 1.1.2)
      gherkin (~> 2.4.18)
      json (>= 1.4.6)
      term-ansicolor (>= 1.0.6)
    cucumber-rails (1.0.6)
      capybara (>= 1.1.1)
      cucumber (>= 1.0.6)
      nokogiri (>= 1.5.0)
    daemons (1.1.9)
    database_cleaner (0.8.0)
    delayed_job (3.0.4)
      activesupport (~> 3.0)
    delayed_job_active_record (0.3.3)
      activerecord (>= 2.1.0, < 4)
      delayed_job (~> 3.0)
    diff-lcs (1.1.3)
    erubis (2.7.0)
    eventmachine (1.0.0)
    exception_notification (3.0.1)
      actionmailer (>= 3.0.4)
    execjs (1.2.13)
      multi_json (~> 1.0)
    factory_girl (4.1.0)
      activesupport (>= 3.0.0)
    faker (1.0.1)
      i18n (~> 0.4)
    faraday (0.8.7)
      multipart-post (~> 1.1)
    fastercsv (1.5.5)
    ffi (1.2.0)
    friendly_id (4.0.9)
    gds-api-adapters (5.5.0)
      link_header
      lrucache (~> 0.1.1)
      null_logger
      plek
      rest-client (~> 1.6.3)
      ruby-hmac
    gds-sso (3.0.4)
      omniauth-gds (~> 0.0.3)
      rack-accept (~> 0.4.4)
      rails (>= 3.0.0)
      warden (~> 1.2)
    gherkin (2.4.21)
      json (>= 1.4.6)
    govspeak (1.2.3)
      htmlentities (~> 4)
      kramdown (~> 0.13.3)
      sanitize (= 2.0.3)
    govuk_frontend_toolkit (0.19.2)
      rails (>= 3.1.0)
      sass (>= 3.2.0)
    haml (3.1.6)
    hash_syntax (1.0.0)
      object_regex (~> 1.0.1)
      trollop (~> 1.16.2)
    hashie (2.0.3)
    highline (1.6.13)
    hike (1.2.2)
    htmlentities (4.3.1)
    httpauth (0.2.0)
    i18n (0.6.4)
    isbn_validation (1.1.0)
      activerecord (>= 3)
    jquery-rails (1.0.19)
      railties (~> 3.0)
      thor (~> 0.14)
    json (1.7.7)
    json_pure (1.7.5)
    jwt (0.1.6)
      multi_json (>= 1.0)
    kaminari (0.13.0)
      actionpack (>= 3.0.0)
      activesupport (>= 3.0.0)
      railties (>= 3.0.0)
    kgio (2.8.0)
    kramdown (0.13.8)
    launchy (2.0.5)
      addressable (~> 2.2.6)
    libwebsocket (0.1.7.1)
      addressable
      websocket
    link_header (0.0.6)
    lograge (0.0.6)
      actionpack
      activesupport
    lrucache (0.1.4)
      PriorityQueue (~> 0.1.2)
    mail (2.4.4)
      i18n (>= 0.4.0)
      mime-types (~> 1.16)
      treetop (~> 1.4.8)
    metaclass (0.0.1)
    mime-types (1.23)
    mini_magick (3.4)
      subexec (~> 0.2.1)
    minitest (2.5.1)
    mocha (0.13.2)
      metaclass (~> 0.0.1)
    multi_json (1.0.4)
    multipart-post (1.2.0)
    mustache (0.99.4)
    mysql2 (0.3.11)
    newrelic_rpm (3.6.2.96)
    nokogiri (1.5.9)
    null_logger (0.0.1)
    oauth2 (0.8.1)
      faraday (~> 0.8)
      httpauth (~> 0.1)
      jwt (~> 0.1.4)
      multi_json (~> 1.0)
      rack (~> 1.2)
    object_regex (1.0.1)
    omniauth (1.1.4)
      hashie (>= 1.2, < 3)
      rack
    omniauth-gds (0.0.4)
      omniauth-oauth2 (~> 1.0)
    omniauth-oauth2 (1.1.1)
      oauth2 (~> 0.8.0)
      omniauth (~> 1.0)
    paper_trail (2.7.1)
      activerecord (~> 3.0)
      railties (~> 3.0)
    parallel (0.6.5)
    parallel_tests (0.13.1)
      parallel
    plek (1.1.0)
      builder
    polyglot (0.3.3)
    quiet_assets (1.0.1)
      railties (~> 3.1)
    rabl (0.6.0)
      activesupport (>= 2.3.14)
      multi_json (~> 1.0.3)
    rack (1.3.10)
    rack-accept (0.4.5)
      rack (>= 0.4)
    rack-cache (1.2)
      rack (>= 0.4)
    rack-mount (0.8.3)
      rack (>= 1.0.0)
    rack-ssl (1.3.3)
      rack
    rails (3.1.12)
      actionmailer (= 3.1.12)
      actionpack (= 3.1.12)
      activerecord (= 3.1.12)
      activeresource (= 3.1.12)
      activesupport (= 3.1.12)
      bundler (~> 1.0)
      railties (= 3.1.12)
    rails-dev-boost (0.2.1)
      rails (>= 3.0)
    rails-i18n (0.7.2)
      i18n (~> 0.5)
    railties (3.1.12)
      actionpack (= 3.1.12)
      activesupport (= 3.1.12)
      rack-ssl (~> 1.3.2)
      rake (>= 0.8.7)
      rdoc (~> 3.4)
      thor (~> 0.14.6)
    raindrops (0.11.0)
    rake (0.9.2)
    rdoc (3.12.2)
      json (~> 1.4)
    rest-client (1.6.7)
      mime-types (>= 1.16)
    router-client (3.0.2)
      activesupport
      builder
      null_logger
    ruby-hmac (0.4.0)
    ruby2ruby (1.3.1)
      ruby_parser (~> 2.0)
      sexp_processor (~> 3.0)
    ruby_parser (2.3.1)
      sexp_processor (~> 3.0)
    rubyzip (0.9.9)
    rummageable (0.6.2)
      json
      plek (>= 0.5.0)
      rest-client
    sanitize (2.0.3)
      nokogiri (>= 1.4.4, < 1.6)
    sass (3.2.8)
    sass-rails (3.1.4)
      actionpack (~> 3.1.0)
      railties (~> 3.1.0)
      sass (>= 3.1.4)
      sprockets (~> 2.0.0)
      tilt (~> 1.3.2)
    selenium-webdriver (2.27.2)
      childprocess (>= 0.2.5)
      libwebsocket (~> 0.1.3)
      multi_json (~> 1.0)
      rubyzip
    sexp_processor (3.2.0)
    shared_mustache (0.0.2)
      execjs (~> 1.2.4)
      mustache (~> 0.99.4)
    simplecov (0.6.4)
      multi_json (~> 1.0)
      simplecov-html (~> 0.5.3)
    simplecov-html (0.5.3)
    simplecov-rcov (0.2.3)
      simplecov (>= 0.4.1)
    slimmer (3.15.0)
      json
      lrucache (~> 0.1.3)
      nokogiri (~> 1.5.0)
      null_logger
      plek (>= 0.1.8)
      rack (>= 1.3.5)
    sprockets (2.0.4)
      hike (~> 1.2)
      rack (~> 1.0)
      tilt (~> 1.1, != 1.3.0)
    statsd-ruby (1.0.0)
    subexec (0.2.2)
    term-ansicolor (1.0.6)
    terminal-table (1.4.5)
    test-queue (0.1.3)
    test_track (0.0.4)
      rails (~> 3.1.0)
    thin (1.5.0)
      daemons (>= 1.0.9)
      eventmachine (>= 0.12.6)
      rack (>= 1.0.0)
    thor (0.14.6)
    tilt (1.3.7)
    timecop (0.3.5)
    transitions (0.0.13)
    treetop (1.4.12)
      polyglot
      polyglot (>= 0.3.1)
    trollop (1.16.2)
    tzinfo (0.3.37)
    uglifier (1.0.3)
      execjs (>= 0.3.0)
      multi_json (>= 1.0.2)
    unicorn (4.6.2)
      kgio (~> 2.6)
      rack
      raindrops (~> 0.7)
    uniform_notifier (1.2.0)
    validates_email_format_of (1.5.3)
    warden (1.2.1)
      rack (>= 1.0)
    webmock (1.11.0)
      addressable (>= 2.2.7)
      crack (>= 0.3.2)
    websocket (1.0.4)
    whenever (0.7.3)
      activesupport (>= 2.3.4)
      chronic (~> 0.6.3)
    xml-simple (1.1.1)
    xpath (0.1.4)
      nokogiri (~> 1.3)

PLATFORMS
  ruby

DEPENDENCIES
  addressable
  aws-ses
  babosa
  boomerang-rails
  bootstrap-kaminari-views
  brakeman
  bullet
  capybara (= 1.1.4)
  capybara-webkit (= 0.12.1)
  carrierwave
  ci_reporter
  crack (~> 0.3.2)
  cucumber (~> 1.0.6)
  cucumber-rails (~> 1.0.5)
  database_cleaner (~> 0.8.0)
  delayed_job_active_record
  exception_notification
  factory_girl
  faker
  friendly_id (= 4.0.9)
  gds-api-adapters (= 5.5.0)
  gds-sso (= 3.0.4)
  globalize3!
  govspeak (~> 1.2.3)
  govuk_frontend_toolkit (= 0.19.2)
  hash_syntax
  isbn_validation
  jquery-rails
  kaminari
  kramdown (~> 0.13.8)
  launchy (~> 2.0.5)
  link_header
  lograge
  mini_magick
  minitest (= 2.5.1)
  mocha (= 0.13.2)
  mysql2
  newrelic_rpm
  nokogiri
  parallel_tests
  plek (= 1.1.0)
  quiet_assets
  rabl
  rack-test!
  rails (= 3.1.12)
  rails-dev-boost (~> 0.2.1)
  rails-i18n
  rake (= 0.9.2)
  router-client (~> 3.0.1)
  rummageable (= 0.6.2)
  sass (= 3.2.8)
  sass-rails (= 3.1.4)
  shared_mustache (~> 0.0.2)
  simplecov
  simplecov-rcov
  slimmer (= 3.15.0)
  statsd-ruby (= 1.0.0)
  test-queue
  test_track
  thin (= 1.5.0)
  timecop
  transitions
  uglifier
  unicorn (= 4.6.2)
  validates_email_format_of
  webmock
  whenever (= 0.7.3)
