GIT
  remote: git://github.com/alphagov/sanitize.git
  revision: d8c9015ce78c8ac2108ad632214463a5eed465d3
  branch: 2.0.6-plus-colons-in-anchor-hrefs
  specs:
    sanitize (2.0.6)
      nokogiri (>= 1.4.4)

GIT
  remote: git://github.com/alphagov/test_track.git
  revision: 1f997082e2f1be94274d294c2f8d34ab0b21bb7f
  specs:
    test_track (0.1.0)
      rails (>= 3.1.0)

GIT
  remote: git://github.com/brynary/rack-test.git
  revision: 8cdb86e1d710194ce45f439915707db7fb2b27e5
  specs:
    rack-test (0.6.2)
      rack (>= 1.0)

GIT
  remote: git://github.com/globalize/globalize.git
  revision: ab69160adc66d23b8d34aedc3ea9bfc724207494
  ref: ab69160ad
  specs:
    globalize3 (0.3.0)
      activemodel (>= 3.0.0)
      activerecord (>= 3.0.0)
      paper_trail (~> 2)

GEM
  remote: https://rubygems.org/
  specs:
    PriorityQueue (0.1.2)
    actionmailer (3.2.17)
      actionpack (= 3.2.17)
      mail (~> 2.5.4)
    actionpack (3.2.17)
      activemodel (= 3.2.17)
      activesupport (= 3.2.17)
      builder (~> 3.0.0)
      erubis (~> 2.7.0)
      journey (~> 1.0.4)
      rack (~> 1.4.5)
      rack-cache (~> 1.2)
      rack-test (~> 0.6.1)
      sprockets (~> 2.2.1)
    activemodel (3.2.17)
      activesupport (= 3.2.17)
      builder (~> 3.0.0)
    activerecord (3.2.17)
      activemodel (= 3.2.17)
      activesupport (= 3.2.17)
      arel (~> 3.0.2)
      tzinfo (~> 0.3.29)
    activeresource (3.2.17)
      activemodel (= 3.2.17)
      activesupport (= 3.2.17)
    activesupport (3.2.17)
      i18n (~> 0.6, >= 0.6.4)
      multi_json (~> 1.0)
    addressable (2.3.4)
    airbrake (3.1.15)
      builder
      multi_json
    arel (3.0.3)
    babosa (0.3.11)
    bad_link_finder (0.3.1)
      mechanize (~> 2.7)
      nokogiri (~> 1.5)
    better_errors (1.1.0)
      coderay (>= 1.0.0)
      erubis (>= 2.6.6)
    binding_of_caller (0.7.2)
      debug_inspector (>= 0.0.1)
    bootstrap-kaminari-views (0.0.2)
      kaminari (>= 0.13)
      rails (>= 3.1)
    builder (3.0.4)
    capybara (2.1.0)
      mime-types (>= 1.16)
      nokogiri (>= 1.3.3)
      rack (>= 1.0.0)
      rack-test (>= 0.5.4)
      xpath (~> 2.0)
    carrierwave (0.9.0)
      activemodel (>= 3.2.0)
      activesupport (>= 3.2.0)
      json (>= 1.7)
    celluloid (0.15.1)
      timers (~> 1.1.0)
    chronic (0.10.2)
    ci_reporter (1.8.4)
      builder (>= 2.1.2)
    coderay (1.1.0)
    columnize (0.3.6)
    connection_pool (1.1.0)
    crack (0.4.0)
      safe_yaml (~> 0.9.0)
    cucumber (1.3.10)
      builder (>= 2.1.2)
      diff-lcs (>= 1.1.3)
      gherkin (~> 2.12)
      multi_json (>= 1.7.5, < 2.0)
      multi_test (>= 0.0.2)
    cucumber-rails (1.4.0)
      capybara (>= 1.1.2)
      cucumber (>= 1.2.0)
      nokogiri (>= 1.5.0)
      rails (>= 3.0.0)
    daemons (1.1.9)
    database_cleaner (1.0.1)
    debug_inspector (0.0.2)
    debugger (1.6.2)
      columnize (>= 0.3.1)
      debugger-linecache (~> 1.2.0)
      debugger-ruby_core_source (~> 1.2.3)
    debugger-linecache (1.2.0)
    debugger-ruby_core_source (1.2.4)
    delayed_job (4.0.0)
      activesupport (>= 3.0, < 4.1)
    delayed_job_active_record (4.0.0)
      activerecord (>= 3.0, < 4.1)
      delayed_job (>= 3.0, < 4.1)
    diff-lcs (1.2.5)
    domain_name (0.5.16)
      unf (>= 0.0.5, < 1.0.0)
    equivalent-xml (0.3.0)
      nokogiri (>= 1.4.3)
    erubis (2.7.0)
    eventmachine (1.0.3)
    execjs (1.2.13)
      multi_json (~> 1.0)
    factory_girl (4.2.0)
      activesupport (>= 3.0.0)
    faraday (0.8.8)
      multipart-post (~> 1.2.0)
    faye-websocket (0.4.7)
      eventmachine (>= 0.12.0)
    friendly_id (4.0.9)
    gds-api-adapters (10.2.0)
      link_header
      lrucache (~> 0.1.1)
      null_logger
      plek
      rest-client (~> 1.6.3)
    gds-sso (9.2.0)
      omniauth-gds (>= 3.0.0)
      rack-accept (~> 0.4.4)
      rails (>= 3.0.0)
      warden (~> 1.2)
    gherkin (2.12.2)
      multi_json (~> 1.3)
    govspeak (1.2.4)
      htmlentities (~> 4)
      kramdown (~> 0.13.3)
      sanitize (~> 2.0.3)
    govuk_frontend_toolkit (0.42.0)
      rails (>= 3.1.0)
      sass (>= 3.2.0)
    hashie (2.0.5)
    hike (1.2.3)
    htmlentities (4.3.1)
    http-cookie (1.0.2)
      domain_name (~> 0.5)
    http_parser.rb (0.5.3)
    httpauth (0.2.0)
    i18n (0.6.9)
    invalid_utf8_rejector (0.0.1)
      rack (~> 1.0)
    isbn_validation (1.1.1)
      activerecord (>= 3)
    jbuilder (1.5.0)
      activesupport (>= 3.0.0)
      multi_json (>= 1.2.0)
    journey (1.0.4)
    jquery-rails (3.0.4)
      railties (>= 3.0, < 5.0)
      thor (>= 0.14, < 2.0)
    jquery-ui-rails (4.1.1)
      railties (>= 3.1.0)
    json (1.8.1)
    jwt (0.1.8)
      multi_json (>= 1.5)
    kaminari (0.14.1)
      actionpack (>= 3.0.0)
      activesupport (>= 3.0.0)
    kgio (2.8.0)
    kramdown (0.13.8)
    launchy (2.3.0)
      addressable (~> 2.3)
    link_header (0.0.7)
    logstash-event (1.1.5)
    logstasher (0.4.8)
      logstash-event (~> 1.1.0)
    lrucache (0.1.4)
      PriorityQueue (~> 0.1.2)
    mail (2.5.4)
      mime-types (~> 1.16)
      treetop (~> 1.4.8)
    mechanize (2.7.2)
      domain_name (~> 0.5, >= 0.5.1)
      http-cookie (~> 1.0.0)
      mime-types (~> 1.17, >= 1.17.2)
      net-http-digest_auth (~> 1.1, >= 1.1.1)
      net-http-persistent (~> 2.5, >= 2.5.2)
      nokogiri (~> 1.4)
      ntlm-http (~> 0.1, >= 0.1.1)
      webrobots (>= 0.0.9, < 0.2)
    metaclass (0.0.1)
    mime-types (1.25.1)
    mini_magick (3.6.0)
      subexec (~> 0.2.1)
    mocha (0.14.0)
      metaclass (~> 0.0.1)
    multi_json (1.8.2)
    multi_test (0.0.3)
    multipart-post (1.2.0)
    mustache (0.99.4)
    mysql2 (0.3.11)
    net-http-digest_auth (1.4)
    net-http-persistent (2.9.4)
    newrelic_rpm (3.6.6.147)
    nokogiri (1.5.10)
    ntlm-http (0.1.1)
    null_logger (0.0.1)
    oauth2 (0.8.1)
      faraday (~> 0.8)
      httpauth (~> 0.1)
      jwt (~> 0.1.4)
      multi_json (~> 1.0)
      rack (~> 1.2)
    omniauth (1.1.4)
      hashie (>= 1.2, < 3)
      rack
    omniauth-gds (3.0.0)
      omniauth-oauth2 (~> 1.0)
    omniauth-oauth2 (1.1.1)
      oauth2 (~> 0.8.0)
      omniauth (~> 1.0)
    paper_trail (2.7.2)
      activerecord (~> 3.0)
      railties (~> 3.0)
    parallel (0.7.0)
    parallel_tests (0.13.3)
      parallel
    plek (1.5.0)
    poltergeist (1.3.0)
      capybara (~> 2.1.0)
      faye-websocket (>= 0.4.4, < 0.5.0)
      http_parser.rb (~> 0.5.3)
    polyglot (0.3.3)
    quiet_assets (1.0.2)
      railties (>= 3.1, < 5.0)
    rack (1.4.5)
    rack-accept (0.4.5)
      rack (>= 0.4)
    rack-cache (1.2)
      rack (>= 0.4)
    rack-ssl (1.3.3)
      rack
    rack_strip_client_ip (0.0.1)
    rails (3.2.17)
      actionmailer (= 3.2.17)
      actionpack (= 3.2.17)
      activerecord (= 3.2.17)
      activeresource (= 3.2.17)
      activesupport (= 3.2.17)
      bundler (~> 1.0)
      railties (= 3.2.17)
    rails-i18n (0.7.3)
      i18n (~> 0.5)
    railties (3.2.17)
      actionpack (= 3.2.17)
      activesupport (= 3.2.17)
      rack-ssl (~> 1.3.2)
      rake (>= 0.8.7)
      rdoc (~> 3.4)
      thor (>= 0.14.6, < 2.0)
    raindrops (0.11.0)
    rake (10.1.0)
    rdoc (3.12.2)
      json (~> 1.4)
    redis (3.0.4)
    redis-namespace (1.3.1)
      redis (~> 3.0.0)
    rest-client (1.6.7)
      mime-types (>= 1.16)
    rummageable (1.0.0)
      multi_json
      null_logger
      rest-client
    safe_yaml (0.9.3)
    sass (3.2.8)
    sass-rails (3.2.6)
      railties (~> 3.2.0)
      sass (>= 3.1.10)
      tilt (~> 1.3)
    shared_mustache (0.0.2)
      execjs (~> 1.2.4)
      mustache (~> 0.99.4)
    sidekiq (2.14.1)
      celluloid (>= 0.14.1)
      connection_pool (>= 1.0.0)
      json
      redis (>= 3.0.4)
      redis-namespace (>= 1.3.1)
    simplecov (0.7.1)
      multi_json (~> 1.0)
      simplecov-html (~> 0.7.1)
    simplecov-html (0.7.1)
    simplecov-rcov (0.2.3)
      simplecov (>= 0.4.1)
    slimmer (3.26.0)
      json
      lrucache (~> 0.1.3)
      nokogiri (~> 1.5.0)
      null_logger
      plek (>= 0.1.8)
      rack (>= 1.3.5)
      rest-client
    slop (3.4.5)
    sprockets (2.2.2)
      hike (~> 1.2)
      multi_json (~> 1.0)
      rack (~> 1.0)
      tilt (~> 1.1, != 1.3.0)
    statsd-ruby (1.2.1)
    strong_parameters (0.2.2)
      actionpack (~> 3.0)
      activemodel (~> 3.0)
      railties (~> 3.0)
    subexec (0.2.3)
    test-queue (0.1.3)
    thin (1.5.1)
      daemons (>= 1.0.9)
      eventmachine (>= 0.12.6)
      rack (>= 1.0.0)
    thor (0.18.1)
    tilt (1.4.1)
    timecop (0.6.1)
    timers (1.1.0)
    transitions (0.1.9)
    treetop (1.4.15)
      polyglot
      polyglot (>= 0.3.1)
    tzinfo (0.3.38)
    uglifier (2.1.1)
      execjs (>= 0.3.0)
      multi_json (~> 1.0, >= 1.0.2)
    unf (0.1.3)
      unf_ext
    unf_ext (0.0.6)
    unicorn (4.6.2)
      kgio (~> 2.6)
      rack
      raindrops (~> 0.7)
    validates_email_format_of (1.5.3)
    warden (1.2.3)
      rack (>= 1.0)
    webmock (1.11.0)
      addressable (>= 2.2.7)
      crack (>= 0.3.2)
    webrobots (0.1.1)
    whenever (0.9.0)
      activesupport (>= 2.3.4)
      chronic (>= 0.6.3)
    xpath (2.0.0)
      nokogiri (~> 1.3)

PLATFORMS
  ruby

DEPENDENCIES
  addressable
  airbrake (= 3.1.15)
  babosa
  bad_link_finder (~> 0.3.1)
  better_errors
  binding_of_caller
  bootstrap-kaminari-views
  capybara (~> 2.1.0)
  carrierwave (= 0.9.0)
  chronic
  ci_reporter
  cucumber-rails (~> 1.4)
  database_cleaner (= 1.0.1)
  debugger
  delayed_job (~> 4.0.0)
  delayed_job_active_record
  equivalent-xml (= 0.3.0)
  factory_girl
  friendly_id (= 4.0.9)
  gds-api-adapters (= 10.2.0)
  gds-sso (= 9.2.0)
  globalize3!
  govspeak (~> 1.2.4)
  govuk_frontend_toolkit (= 0.42.0)
  invalid_utf8_rejector (~> 0.0.1)
  isbn_validation
  jbuilder
  jquery-rails
  jquery-ui-rails
  kaminari
  kramdown (~> 0.13.8)
  launchy (~> 2.3.0)
  link_header
  logstasher (= 0.4.8)
  mini_magick
  mocha (= 0.14.0)
  mysql2
  newrelic_rpm
  nokogiri
  parallel_tests
  plek (= 1.5.0)
  poltergeist (~> 1.3.0)
  quiet_assets
  rack-test!
  rack_strip_client_ip (= 0.0.1)
  rails (= 3.2.17)
  rails-i18n
  raindrops (= 0.11.0)
  rake (= 10.1.0)
  rummageable (= 1.0.0)
  sanitize!
  sass (= 3.2.8)
  sass-rails
  shared_mustache (~> 0.0.2)
  sidekiq (= 2.14.1)
  simplecov
  simplecov-rcov
  slimmer (= 3.26.0)
  slop (= 3.4.5)
  statsd-ruby (~> 1.2.1)
  strong_parameters
  test-queue
  test_track (~> 0.1.0)!
  thin (= 1.5.1)
  timecop
  transitions
  uglifier
  unicorn (= 4.6.2)
  validates_email_format_of
  webmock
  whenever (= 0.9.0)
